GEM
  remote: http://rubygems.org/
  specs:
    bluecloth (2.2.0)
    diff-lcs (1.1.3)
    highline (1.6.11)
    quickl (0.4.3)
    rake (0.9.2.2)
    rspec (2.8.0)
      rspec-core (~> 2.8.0)
      rspec-expectations (~> 2.8.0)
      rspec-mocks (~> 2.8.0)
    rspec-core (2.8.0)
    rspec-expectations (2.8.0)
      diff-lcs (~> 1.1.2)
    rspec-mocks (2.8.0)
    wlang (0.10.2)
    yard (0.7.5)

PLATFORMS
  java
  ruby

DEPENDENCIES
  bluecloth (~> 2.2)
  highline (~> 1.6)
  quickl (~> 0.4.1)
  rake (~> 0.9.2)
  rspec (~> 2.8)
  wlang (~> 0.10.2)
  yard (~> 0.7.2)
